PATH
  remote: .
  specs:
    hatchet (0.0.1)
      activesupport
      anvil-cli
      excon
      heroku-api
      rake
      thor

GEM
  remote: http://rubygems.org/
  specs:
    activesupport (3.2.13)
      i18n (= 0.6.1)
      multi_json (~> 1.0)
    anvil-cli (0.15.0)
      progress (~> 2.4.0)
      rest-client (~> 1.6.7)
      thor (~> 0.15.2)
    excon (0.16.10)
    heroku-api (0.3.8)
      excon (~> 0.16.10)
    i18n (0.6.1)
    mime-types (1.21)
    multi_json (1.7.1)
    progress (2.4.0)
    rake (10.0.3)
    rest-client (1.6.7)
      mime-types (>= 1.16)
    thor (0.15.4)

PLATFORMS
  ruby

DEPENDENCIES
  hatchet!
